GEM
  specs:
    dotenv (1.0.2)
    http_router (0.11.1)
      rack (>= 1.0.0)
      url_mount (~> 0.2.1)
    lotus-controller (0.3.2)
      lotus-utils (~> 0.3, >= 0.3.4)
      lotus-validations (~> 0.2, >= 0.2.4)
      rack (~> 1.5)
    lotus-router (0.2.1)
      http_router (~> 0.11)
      lotus-utils (~> 0.3, >= 0.3.2)
    lotus-utils (0.3.4)
    lotus-validations (0.2.4)
      lotus-utils (~> 0.3, >= 0.3.4)
    lotus-view (0.3.0)
      lotus-utils (~> 0.3, >= 0.3.2)
      tilt (~> 2.0, >= 2.0.1)
    lotusrb (0.2.1)
      dotenv (~> 1.0)
      lotus-controller (~> 0.3, >= 0.3.2)
      lotus-router (~> 0.2, >= 0.2.1)
      lotus-utils (~> 0.3, >= 0.3.4)
      lotus-view (~> 0.3)
      shotgun (~> 0.9)
      thor (~> 0.19)
    rack (1.6.0)
    shotgun (0.9.1)
      rack (>= 1.0)
    thor (0.19.1)
    tilt (2.0.1)
    url_mount (0.2.1)
      rack

PLATFORMS
  ruby

DEPENDENCIES
  lotusrb
